GEM
  remote: https://rubygems.org/
  specs:

PLATFORMS
  arm64-darwin-23
  ruby
  x64-mingw-ucrt

DEPENDENCIES

BUNDLED WITH
   2.5.3
